GEM
  remote: https://rubygems.org/
  specs:
    ansi (1.5.0)
    builder (3.2.3)
    mini_portile2 (2.3.0)
    minitest (5.10.3)
    minitest-reporters (1.1.19)
      ansi
      builder
      minitest (>= 5.0)
      ruby-progressbar
    nokogiri (1.8.1)
      mini_portile2 (~> 2.3.0)
    rake (12.3.0)
    ruby-progressbar (1.9.0)
    shoulda-context (1.2.2)

PLATFORMS
  ruby

DEPENDENCIES
  minitest (~> 5.10.3)
  minitest-reporters (~> 1.1.19)
  nokogiri (~> 1.8.0)
  rake (~> 12.3.0)
  shoulda-context (~> 1.2.0)

BUNDLED WITH
   1.15.4
