PATH
  remote: .
  specs:
    shakushi (0.2.0)
      nokogiri

GEM
  remote: https://rubygems.org/
  specs:
    minitest (5.14.3)
    nokogiri (1.11.1-x86_64-linux)
      racc (~> 1.4)
    racc (1.5.2)
    rake (13.0.3)
    warning (1.1.0)

PLATFORMS
  x86_64-linux

DEPENDENCIES
  minitest
  rake
  shakushi!
  warning

BUNDLED WITH
   2.2.3
